NUGET
  remote: https://nuget.org/api/v2
  specs:
    Deedle (1.0.6)
      FSharp.Data (2.0.14)
    FSharp.Charting (0.90.7)
    FSharp.Data (2.0.14)
      Zlib.Portable (>= 1.10.0)
    Zlib.Portable (1.10.0)
