NUGET
  remote: https://nuget.org/api/v2
  specs:
    Deedle (1.0.1)
      FSharp.Data (>= 2.0.8)
    Deedle.RPlugin (1.0.1)
      Deedle (>= 1.0.1)
      R.NET.Community (>= 1.5.15)
      R.NET.Community.FSharp (>= 0.1.8)
      RProvider (>= 1.0.13)
    FAKE (3.7.1)
    Foogle.Charts (0.0.2)
    FSharp.Charting (0.90.6)
    FSharp.Compiler.Service (0.0.44)
    FSharp.Data (2.0.9)
      Zlib.Portable (>= 1.9.2)
    FSharp.Formatting (2.4.10)
      FSharp.Compiler.Service (>= 0.0.44)
      Microsoft.AspNet.Razor (>= 2.0.30506.0)
      RazorEngine (>= 3.3.0)
    FsLab (0.0.19)
      Deedle (1.0.1)
      Deedle.RPlugin (1.0.1)
      FSharp.Charting (0.90.6)
      FSharp.Data (2.0.9)
      Foogle.Charts (0.0.2)
      MathNet.Numerics (3.0.0)
      MathNet.Numerics.FSharp (3.0.0)
      R.NET.Community (1.5.15)
      R.NET.Community.FSharp (0.1.8)
      RProvider (1.0.13)
    FsLab.Runner (0.0.19)
      Deedle (1.0.1)
      Deedle.RPlugin (1.0.1)
      FSharp.Charting (0.90.6)
      FSharp.Compiler.Service (0.0.44)
      FSharp.Data (2.0.9)
      FSharp.Formatting (2.4.10)
      Foogle.Charts (0.0.2)
      MathNet.Numerics (3.0.0)
      MathNet.Numerics.FSharp (3.0.0)
      Microsoft.AspNet.Razor (2.0.30506.0)
      R.NET.Community (1.5.15)
      R.NET.Community.FSharp (0.1.8)
      RProvider (1.0.13)
      RazorEngine (3.3.0)
    MathNet.Numerics (3.0.0)
    MathNet.Numerics.FSharp (3.0.0)
      MathNet.Numerics (3.0.0)
    Microsoft.AspNet.Razor (2.0.30506.0)
    R.NET.Community (1.5.15)
    R.NET.Community.FSharp (0.1.8)
      R.NET.Community (>= 1.5.15)
    RazorEngine (3.3.0)
      Microsoft.AspNet.Razor (>= 2.0.30506.0)
    RProvider (1.0.13)
      R.NET.Community (>= 1.5.15)
      R.NET.Community.FSharp (>= 0.1.8)
    Zlib.Portable (1.10.0)
