NUGET
  remote: https://nuget.org/api/v2
  specs:
    R.NET.Community (1.5.15)
    R.NET.Community.FSharp (0.1.8)
      R.NET.Community (>= 1.5.15)
    RProvider (1.0.17)
      R.NET.Community (1.5.15)
      R.NET.Community.FSharp (0.1.8)
